GEM
  remote: http://www.rubygems.org/
  specs:
    clickatell (0.8.2)
    daemons (1.1.3)
    rmodbus (0.3.1)
      serialport (>= 0.8.0)
    serialport (1.0.0)

PLATFORMS
  ruby

DEPENDENCIES
  clickatell
  daemons
  rmodbus
  serialport (= 1.0.0)
