GEM
  remote: http://www.rubygems.org/
  specs:
    clickatell (0.8.2)
    foreman (0.60.2)
      thor (>= 0.13.6)
    rmodbus (1.1.5)
    thor (0.16.0)

PLATFORMS
  ruby

DEPENDENCIES
  clickatell
  foreman
  rmodbus
