GIT
  remote: git://github.com/tallakt/rmodbus.git
  revision: 2e9caf8e9dab4f4dc391e4b59f6ea4db5d67421c
  specs:
    rmodbus (1.1.5)

GEM
  remote: http://www.rubygems.org/
  specs:
    clickatell (0.8.2)
    foreman (0.60.2)
      thor (>= 0.13.6)
    thor (0.16.0)

PLATFORMS
  ruby

DEPENDENCIES
  clickatell
  foreman
  rmodbus!
