GEM
  remote: http://www.rubygems.org/
  specs:
    clickatell (0.8.2)
    foreman (0.31.0)
      term-ansicolor (~> 1.0.5)
      thor (>= 0.13.6)
    rmodbus (1.1.0)
    term-ansicolor (1.0.7)
    thor (0.14.6)

PLATFORMS
  ruby

DEPENDENCIES
  clickatell
  foreman
  rmodbus
